PATH
  remote: .
  specs:
    pry-ib (0.1.0)
      ib-ruby

GEM
  remote: http://rubygems.org/
  specs:
    activemodel (4.0.0)
      activesupport (= 4.0.0)
      builder (~> 3.1.0)
    activerecord (4.0.0)
      activemodel (= 4.0.0)
      activerecord-deprecated_finders (~> 1.0.2)
      activesupport (= 4.0.0)
      arel (~> 4.0.0)
    activerecord-deprecated_finders (1.0.3)
    activesupport (4.0.0)
      i18n (~> 0.6, >= 0.6.4)
      minitest (~> 4.2)
      multi_json (~> 1.3)
      thread_safe (~> 0.1)
      tzinfo (~> 0.3.37)
    arel (4.0.0)
    atomic (1.1.14)
    bacon (1.2.0)
    builder (3.1.4)
    coderay (1.0.9)
    i18n (0.6.5)
    ib-ruby (0.9.2)
      activerecord (>= 3.2.0)
      bundler (>= 1.1.3)
      standalone_migrations
      xml-simple (>= 1.1.1)
    method_source (0.8.2)
    minitest (4.7.5)
    multi_json (1.8.0)
    pry (0.9.12.2)
      coderay (~> 1.0.5)
      method_source (~> 0.8)
      slop (~> 3.4)
    rake (10.1.0)
    slop (3.4.6)
    standalone_migrations (2.0.4)
      standalone_migrations
    thread_safe (0.1.3)
      atomic
    tzinfo (0.3.37)
    xml-simple (1.1.2)

PLATFORMS
  ruby

DEPENDENCIES
  bacon
  pry
  pry-ib!
  rake
